PATH
  remote: .
  specs:
    test-queue (0.2.13)

GEM
  remote: https://rubygems.org/
  specs:
    builder (3.2.2)
    cucumber (1.3.10)
      builder (>= 2.1.2)
      diff-lcs (>= 1.1.3)
      gherkin (~> 2.12)
      multi_json (>= 1.7.5, < 2.0)
      multi_test (>= 0.0.2)
    diff-lcs (1.2.4)
    gherkin (2.12.2)
      multi_json (~> 1.3)
    minitest (5.3.3)
    multi_json (1.8.4)
    multi_test (0.0.3)
    rspec (2.13.0)
      rspec-core (~> 2.13.0)
      rspec-expectations (~> 2.13.0)
      rspec-mocks (~> 2.13.0)
    rspec-core (2.13.1)
    rspec-expectations (2.13.0)
      diff-lcs (>= 1.1.3, < 2.0)
    rspec-mocks (2.13.1)

PLATFORMS
  ruby

DEPENDENCIES
  cucumber (~> 1.3.10)
  minitest (= 5.3.3)
  rspec (>= 2.13, < 4.0)
  test-queue!
